GEM
  remote: https://rubygems.org/
  specs:
    rake (10.3.2)
    serialport (1.3.1)

PLATFORMS
  ruby

DEPENDENCIES
  rake
  serialport
